GEM
  remote: https://rubygems.org/
  specs:
    bio (1.5.0)
    pg (0.18.4)

PLATFORMS
  ruby

DEPENDENCIES
  bio
  pg

BUNDLED WITH
   1.10.6
